GEM
  remote: https://rubygems.org/
  specs:

PLATFORMS
  x64-mingw-ucrt
  x86_64-linux

DEPENDENCIES
  jekyll
  jekyll-sitemap

BUNDLED WITH
   2.7.2
